GEM
  remote: https://rubygems.org/
  specs:
    dotenv (2.0.2)
    ffi (1.9.10)
    hashie (3.4.3)
    multipart-post (2.0.0)
    rack (1.6.4)
    rack-protection (1.5.3)
      rack
    sinatra (1.4.6)
      rack (~> 1.4)
      rack-protection (~> 1.4)
      tilt (>= 1.3, < 3)
    soda-ruby (0.2.16)
      hashie (~> 3.4.2)
      multipart-post (~> 2.0.0)
      sys-uname (~> 1.0.2)
    sys-uname (1.0.2)
      ffi (>= 1.0.0)
    tilt (2.0.1)

PLATFORMS
  ruby

DEPENDENCIES
  dotenv
  sinatra
  soda-ruby

BUNDLED WITH
   1.10.5
